GIT
  remote: https://github.com/eacg-gmbh/versioneye-core.git
  revision: 4fb8e59fe7cabd6799aea287617bbd1b6827087d
  tag: v13.1.3
  specs:
    versioneye-core (13.1.2)
      actionmailer (~> 5.1.0)
      aws-sdk (~> 2.10.7)
      bunny (~> 2.7.0)
      cocoapods-core (~> 0.39.0)
      dalli (~> 2.7.6)
      erlang_config (~> 0)
      etcd (~> 0.3.0)
      gemnasium-parser (~> 0.1.9)
      httparty (~> 0.15.4)
      mongoid (~> 6.2.0)
      naturalsorter (~> 3.0.19)
      net-ldap (~> 0.16.0)
      nokogiri (~> 1.8.1)
      oauth (~> 0.5.0)
      octokit (~> 4.7.0)
      pdfkit (~> 0.8.2)
      persistent_httparty (~> 0.1.0)
      semverly (~> 1.0.0)
      stripe (~> 2.3.0)
      tire (~> 0.6.2)
      tomlrb (~> 1.2)
      will_paginate_mongoid (= 2.0.1)
      wkhtmltopdf-binary (~> 0.12.3)

GEM
  remote: http://rubygems.org/
  specs:
    actionmailer (5.1.6)
      actionpack (= 5.1.6)
      actionview (= 5.1.6)
      activejob (= 5.1.6)
      mail (~> 2.5, >= 2.5.4)
      rails-dom-testing (~> 2.0)
    actionpack (5.1.6)
      actionview (= 5.1.6)
      activesupport (= 5.1.6)
      rack (~> 2.0)
      rack-test (>= 0.6.3)
      rails-dom-testing (~> 2.0)
      rails-html-sanitizer (~> 1.0, >= 1.0.2)
    actionview (5.1.6)
      activesupport (= 5.1.6)
      builder (~> 3.1)
      erubi (~> 1.4)
      rails-dom-testing (~> 2.0)
      rails-html-sanitizer (~> 1.0, >= 1.0.3)
    activejob (5.1.6)
      activesupport (= 5.1.6)
      globalid (>= 0.3.6)
    activemodel (5.1.6)
      activesupport (= 5.1.6)
    activesupport (5.1.6)
      concurrent-ruby (~> 1.0, >= 1.0.2)
      i18n (>= 0.7, < 2)
      minitest (~> 5.1)
      tzinfo (~> 1.1)
    addressable (2.5.2)
      public_suffix (>= 2.0.2, < 4.0)
    amq-protocol (2.2.0)
    ansi (1.5.0)
    aws-sdk (2.10.134)
      aws-sdk-resources (= 2.10.134)
    aws-sdk-core (2.10.134)
      aws-sigv4 (~> 1.0)
      jmespath (~> 1.0)
    aws-sdk-resources (2.10.134)
      aws-sdk-core (= 2.10.134)
    aws-sigv4 (1.0.3)
    bson (4.3.0)
    builder (3.2.3)
    bunny (2.7.4)
      amq-protocol (~> 2.2.0)
    cocoapods-core (0.39.0)
      activesupport (>= 4.0.2)
      fuzzy_match (~> 2.0.4)
      nap (~> 1.0)
    concurrent-ruby (1.0.5)
    crass (1.0.4)
    dalli (2.7.8)
    docile (1.3.1)
    domain_name (0.5.20180417)
      unf (>= 0.0.5, < 1.0.0)
    erlang_config (0.0.1)
    erubi (1.7.1)
    et-orbi (1.1.6)
      tzinfo
    etcd (0.3.0)
      mixlib-log
    faraday (0.15.3)
      multipart-post (>= 1.2, < 3)
    fuzzy_match (2.0.4)
    gemnasium-parser (0.1.9)
    gene_pool (1.4.1)
      thread_safe
    globalid (0.4.1)
      activesupport (>= 4.2.0)
    hashr (0.0.22)
    http-cookie (1.0.3)
      domain_name (~> 0.5)
    httparty (0.15.7)
      multi_xml (>= 0.5.2)
    i18n (1.1.0)
      concurrent-ruby (~> 1.0)
    jmespath (1.4.0)
    json (2.1.0)
    loofah (2.2.2)
      crass (~> 1.0.2)
      nokogiri (>= 1.5.9)
    mail (2.7.0)
      mini_mime (>= 0.1.1)
    mime-types (2.99.3)
    mini_mime (1.0.1)
    mini_portile2 (2.3.0)
    minitest (5.11.3)
    mixlib-log (2.0.4)
    mongo (2.6.2)
      bson (>= 4.3.0, < 5.0.0)
    mongoid (6.2.1)
      activemodel (~> 5.1)
      mongo (>= 2.4.1, < 3.0.0)
    multi_json (1.13.1)
    multi_xml (0.6.0)
    multipart-post (2.0.0)
    nap (1.1.0)
    naturalsorter (3.0.19)
    net-ldap (0.16.1)
    netrc (0.11.0)
    nokogiri (1.8.5)
      mini_portile2 (~> 2.3.0)
    oauth (0.5.4)
    octokit (4.7.0)
      sawyer (~> 0.8.0, >= 0.5.3)
    pdfkit (0.8.2)
    persistent_http (1.0.6)
      gene_pool (>= 1.3)
    persistent_httparty (0.1.2)
      httparty (~> 0.9)
      persistent_http (< 2)
    public_suffix (3.0.3)
    rack (2.0.5)
    rack-test (1.1.0)
      rack (>= 1.0, < 3)
    rails-dom-testing (2.0.3)
      activesupport (>= 4.2.0)
      nokogiri (>= 1.6)
    rails-html-sanitizer (1.0.4)
      loofah (~> 2.2, >= 2.2.2)
    rake (12.3.1)
    rest-client (1.8.0)
      http-cookie (>= 1.0.2, < 2.0)
      mime-types (>= 1.16, < 3.0)
      netrc (~> 0.7)
    rufus-scheduler (3.4.0)
      et-orbi (~> 1.0)
    sawyer (0.8.1)
      addressable (>= 2.3.5, < 2.6)
      faraday (~> 0.8, < 1.0)
    semverly (1.0.0)
    shoulda (3.6.0)
      shoulda-context (~> 1.0, >= 1.0.1)
      shoulda-matchers (~> 3.0)
    shoulda-context (1.2.2)
    shoulda-matchers (3.1.2)
      activesupport (>= 4.0.0)
    simplecov (0.16.1)
      docile (~> 1.1)
      json (>= 1.8, < 3)
      simplecov-html (~> 0.10.0)
    simplecov-html (0.10.2)
    stripe (2.3.0)
      faraday (~> 0.9)
    thread_safe (0.3.6)
    tire (0.6.2)
      activemodel (>= 3.0)
      activesupport
      ansi
      hashr (~> 0.0.19)
      multi_json (~> 1.3)
      rake
      rest-client (~> 1.6)
    tomlrb (1.2.7)
    tzinfo (1.2.5)
      thread_safe (~> 0.1)
    unf (0.1.4)
      unf_ext
    unf_ext (0.0.7.5)
    will_paginate (3.1.6)
    will_paginate_mongoid (2.0.1)
      mongoid
      will_paginate (~> 3.0)
    wkhtmltopdf-binary (0.12.4)

PLATFORMS
  ruby

DEPENDENCIES
  bundler (~> 1.16.2)
  bunny (~> 2.7.0)
  rufus-scheduler (= 3.4.0)
  shoulda
  simplecov
  versioneye-core!

BUNDLED WITH
   1.16.6
